GEM
  remote: http://rubygems.org/
  specs:
    Saikuro (1.1.0)
    SystemTimer (1.2)
    actionmailer (2.3.8)
      actionpack (= 2.3.8)
    actionpack (2.3.8)
      activesupport (= 2.3.8)
      rack (~> 1.1.0)
    activerecord (2.3.8)
      activesupport (= 2.3.8)
    activeresource (2.3.8)
      activesupport (= 2.3.8)
    activesupport (2.3.8)
    arrayfields (4.7.4)
    aws (2.3.21)
      http_connection
      uuidtools
      xml-simple
    bitly (0.5.3)
      crack (>= 0.1.4)
      httparty (>= 0.5.2)
    capistrano (2.5.19)
      highline
      net-scp (>= 1.0.0)
      net-sftp (>= 2.0.0)
      net-ssh (>= 2.0.14)
      net-ssh-gateway (>= 1.0.0)
    capistrano-ext (1.2.1)
      capistrano (>= 1.0.0)
    carrierwave (0.4.10)
    chronic (0.2.3)
      hoe (>= 1.2.1)
    churn (0.0.12)
      chronic (~> 0.2.3)
      hirb
      json_pure
      main
      ruby_parser (~> 2.0.4)
      sexp_processor (~> 3.0.3)
    colored (1.2)
    columnize (0.3.1)
    compass (0.10.5)
      haml (>= 3.0.4)
    cotweet-fakeweb (1.3.0)
    crack (0.1.8)
    daemons (1.1.0)
    database_cleaner (0.5.2)
    delayed_job (1.8.5)
    devise (1.0.8)
      warden (~> 0.10.3)
    devise_cas_authenticatable (1.0.0.alpha4)
      devise (>= 1.0.6)
      rubycas-client (~> 2.1.0)
    diff-lcs (1.1.2)
    eventmachine (0.12.10)
    factory_girl (1.3.2)
    fastercsv (1.5.3)
    fattr (2.1.0)
    flay (1.4.1)
      ruby_parser (~> 2.0)
      sexp_processor (~> 3.0)
    flog (2.5.0)
      ruby_parser (~> 2.0)
      sexp_processor (~> 3.0)
    haml (3.0.22)
    highline (1.6.1)
    hirb (0.3.4)
    hoe (2.6.2)
      rake (>= 0.8.7)
      rubyforge (>= 2.0.4)
    http_connection (1.4.0)
    httparty (0.6.1)
      crack (= 0.1.8)
    json (1.4.6)
    json_pure (1.4.6)
    koala (0.8.0)
    linecache (0.43)
    main (4.2.0)
      arrayfields (>= 4.7.4)
      fattr (>= 2.1.0)
    metric_fu (1.5.1)
      Saikuro (>= 1.1.0)
      activesupport (>= 2.0.0)
      chronic (>= 0.2.3)
      churn (>= 0.0.7)
      flay (>= 1.2.1)
      flog (>= 2.2.0)
      rails_best_practices (>= 0.3.16)
      rcov (>= 0.8.3.3)
      reek (>= 1.2.6)
      roodi (>= 2.1.0)
    mime-types (1.16)
    mini_magick (2.3)
      subexec (~> 0.0.4)
    mocha (0.9.9)
      rake
    net-scp (1.0.4)
      net-ssh (>= 1.99.1)
    net-sftp (2.0.5)
      net-ssh (>= 2.0.9)
    net-ssh (2.0.23)
    net-ssh-gateway (1.0.1)
      net-ssh (>= 1.99.1)
    newrelic_rpm (2.13.1)
    oauth (0.4.3)
    pg (0.9.0)
    progressbar (0.9.0)
    rack (1.1.0)
    rack-test (0.5.6)
      rack (>= 1.0)
    rails (2.3.8)
      actionmailer (= 2.3.8)
      actionpack (= 2.3.8)
      activerecord (= 2.3.8)
      activeresource (= 2.3.8)
      activesupport (= 2.3.8)
      rake (>= 0.8.3)
    rails_best_practices (0.4.6)
      colored (~> 1.2)
      progressbar (~> 0.9.0)
      ruby2ruby (~> 1.2.4)
      ruby_parser (~> 2.0.4)
    rake (0.8.7)
    rcov (0.9.9)
    reek (1.2.8)
      ruby2ruby (~> 1.2)
      ruby_parser (~> 2.0)
      sexp_processor (~> 3.0)
    roauth (0.0.3)
    roodi (2.1.0)
      ruby_parser
    rspec (2.0.1)
      rspec-core (~> 2.0.1)
      rspec-expectations (~> 2.0.1)
      rspec-mocks (~> 2.0.1)
    rspec-core (2.0.1)
    rspec-expectations (2.0.1)
      diff-lcs (>= 1.1.2)
    rspec-mocks (2.0.1)
      rspec-core (~> 2.0.1)
      rspec-expectations (~> 2.0.1)
    rspec-rails (2.0.1)
      rspec (~> 2.0.0)
    ruby-debug (0.10.3)
      columnize (>= 0.1)
      ruby-debug-base (~> 0.10.3.0)
    ruby-debug-base (0.10.3)
      linecache (>= 0.3)
    ruby-prof (0.9.2)
    ruby2ruby (1.2.5)
      ruby_parser (~> 2.0)
      sexp_processor (~> 3.0)
    ruby_parser (2.0.5)
      sexp_processor (~> 3.0)
    rubycas-client (2.1.0)
      activesupport
    rubyforge (2.0.4)
      json_pure (>= 1.1.7)
    sexp_processor (3.0.5)
    shoulda (2.10.3)
    sinatra (1.0)
      rack (>= 1.0)
    subexec (0.0.4)
    timecop (0.3.5)
    tinder (1.4.1)
      activesupport
      eventmachine
      httparty
      mime-types
      twitter-stream
    twitter-stream (0.1.10)
      eventmachine (>= 0.12.8)
      roauth (>= 0.0.2)
    unicorn (1.1.4)
      rack
    utf8_utils (2.0.1)
    uuidtools (2.1.1)
    warden (0.10.7)
      rack (>= 1.0.0)
    will_paginate (2.3.15)
    xml-simple (1.0.12)
    yajl-ruby (0.7.8)

PLATFORMS
  ruby

DEPENDENCIES
  SystemTimer (= 1.2)
  aws (= 2.3.21)
  bitly
  bundler (>= 1.0.0, <= 1.0.3)
  capistrano-ext (= 1.2.1)
  carrierwave
  compass
  cotweet-fakeweb
  daemons
  database_cleaner
  delayed_job (= 1.8.5)
  devise (= 1.0.8)
  devise_cas_authenticatable
  factory_girl
  fastercsv
  haml
  json
  koala (= 0.8.0)
  metric_fu
  mime-types
  mini_magick
  mocha
  newrelic_rpm (= 2.13.1)
  oauth
  pg
  rack (= 1.1.0)
  rack-test
  rails (= 2.3.8)
  rcov
  roauth
  rspec-rails
  ruby-debug
  ruby-prof
  shoulda (= 2.10.3)
  sinatra (= 1.0)
  timecop
  tinder
  unicorn (= 1.1.4)
  utf8_utils
  will_paginate
  yajl-ruby
